GEM
  remote: https://rubygems.org/
  specs:
    choice (0.2.0)
    rmagick (3.0.0)

PLATFORMS
  ruby

DEPENDENCIES
  choice
  rmagick

BUNDLED WITH
   2.0.1
