GEM
  remote: https://rubygems.org/
  specs:
    choice (0.2.0)
    little-plugger (1.1.4)
    logging (2.0.0)
      little-plugger (~> 1.1)
      multi_json (~> 1.10)
    multi_json (1.11.2)
    rmagick (2.15.4)

PLATFORMS
  ruby

DEPENDENCIES
  choice
  logging
  rmagick

BUNDLED WITH
   1.10.6
