GEM
  remote: https://rubygems.org/
  specs:
    choice (0.2.0)
    rmagick (2.15.4)

PLATFORMS
  ruby

DEPENDENCIES
  choice
  rmagick

BUNDLED WITH
   1.10.6
