GEM
  remote: https://rubygems.org/
  specs:
    choice (0.2.0)
    rmagick (2.16.0)

PLATFORMS
  ruby

DEPENDENCIES
  choice
  rmagick

BUNDLED WITH
   1.16.2
